GEM
  remote: https://rubygems.org/
  specs:
    actioncable (5.0.7)
      actionpack (= 5.0.7)
      nio4r (>= 1.2, < 3.0)
      websocket-driver (~> 0.6.1)
    actionmailer (5.0.7)
      actionpack (= 5.0.7)
      actionview (= 5.0.7)
      activejob (= 5.0.7)
      mail (~> 2.5, >= 2.5.4)
      rails-dom-testing (~> 2.0)
    actionpack (5.0.7)
      actionview (= 5.0.7)
      activesupport (= 5.0.7)
      rack (~> 2.0)
      rack-test (~> 0.6.3)
      rails-dom-testing (~> 2.0)
      rails-html-sanitizer (~> 1.0, >= 1.0.2)
    actionview (5.0.7)
      activesupport (= 5.0.7)
      builder (~> 3.1)
      erubis (~> 2.7.0)
      rails-dom-testing (~> 2.0)
      rails-html-sanitizer (~> 1.0, >= 1.0.3)
    activejob (5.0.7)
      activesupport (= 5.0.7)
      globalid (>= 0.3.6)
    activemodel (5.0.7)
      activesupport (= 5.0.7)
    activerecord (5.0.7)
      activemodel (= 5.0.7)
      activesupport (= 5.0.7)
      arel (~> 7.0)
    activesupport (5.0.7)
      concurrent-ruby (~> 1.0, >= 1.0.2)
      i18n (>= 0.7, < 2)
      minitest (~> 5.1)
      tzinfo (~> 1.1)
    acts_as_paranoid (0.5.0)
      activerecord (>= 4.0, < 5.1)
      activesupport (>= 4.0, < 5.1)
    addressable (2.5.2)
      public_suffix (>= 2.0.2, < 4.0)
    arel (7.1.4)
    bcrypt (3.1.11)
    bindex (0.5.0)
    bootstrap3-datetimepicker-rails (4.17.47)
      momentjs-rails (>= 2.8.1)
    bootstrap_sb_admin_base_v2 (0.3.6)
      font-awesome-rails
      jquery-rails
    builder (3.2.3)
    byebug (10.0.2)
    coffee-rails (4.2.2)
      coffee-script (>= 2.2.0)
      railties (>= 4.0.0)
    coffee-script (2.4.1)
      coffee-script-source
      execjs
    coffee-script-source (1.12.2)
    concurrent-ruby (1.0.5)
    countries (2.1.4)
      i18n_data (~> 0.8.0)
      money (~> 6.9)
      sixarm_ruby_unaccent (~> 1.1)
      unicode_utils (~> 1.4)
    country_select (3.1.1)
      countries (~> 2.0)
      sort_alphabetical (~> 1.0)
    crass (1.0.4)
    devise (4.4.3)
      bcrypt (~> 3.0)
      orm_adapter (~> 0.1)
      railties (>= 4.1.0, < 6.0)
      responders
      warden (~> 1.2.3)
    devise-i18n (1.6.2)
      devise (>= 4.4)
    erubis (2.7.0)
    execjs (2.7.0)
    faker (1.8.7)
      i18n (>= 0.7)
    ffi (1.9.23)
    font-awesome-rails (4.7.0.4)
      railties (>= 3.2, < 6.0)
    formtastic (3.1.5)
      actionpack (>= 3.2.13)
    formtastic-bootstrap (3.1.1)
      formtastic (>= 3.0)
    globalid (0.4.1)
      activesupport (>= 4.2.0)
    haml (5.0.4)
      temple (>= 0.8.0)
      tilt
    haml-rails (1.0.0)
      actionpack (>= 4.0.1)
      activesupport (>= 4.0.1)
      haml (>= 4.0.6, < 6.0)
      html2haml (>= 1.0.1)
      railties (>= 4.0.1)
    has_scope (0.7.2)
      actionpack (>= 4.1)
      activesupport (>= 4.1)
    html2haml (2.2.0)
      erubis (~> 2.7.0)
      haml (>= 4.0, < 6)
      nokogiri (>= 1.6.0)
      ruby_parser (~> 3.5)
    i18n (1.0.1)
      concurrent-ruby (~> 1.0)
    i18n_data (0.8.0)
    jbuilder (2.7.0)
      activesupport (>= 4.2.0)
      multi_json (>= 1.2)
    jquery-datatables-rails (3.4.0)
      actionpack (>= 3.1)
      jquery-rails
      railties (>= 3.1)
      sass-rails
    jquery-rails (4.3.3)
      rails-dom-testing (>= 1, < 3)
      railties (>= 4.2.0)
      thor (>= 0.14, < 2.0)
    listen (3.0.8)
      rb-fsevent (~> 0.9, >= 0.9.4)
      rb-inotify (~> 0.9, >= 0.9.7)
    loofah (2.2.2)
      crass (~> 1.0.2)
      nokogiri (>= 1.5.9)
    mail (2.7.0)
      mini_mime (>= 0.1.1)
    method_source (0.9.0)
    mini_mime (1.0.0)
    mini_portile2 (2.3.0)
    minitest (5.11.3)
    momentjs-rails (2.20.1)
      railties (>= 3.1)
    money (6.11.0)
      i18n (>= 0.6.4, < 1.1)
    multi_json (1.13.1)
    nio4r (2.3.0)
    nokogiri (1.8.2)
      mini_portile2 (~> 2.3.0)
    orm_adapter (0.5.0)
    pg (0.21.0)
    public_suffix (3.0.2)
    puma (3.11.4)
    pundit (1.1.0)
      activesupport (>= 3.0.0)
    rack (2.0.5)
    rack-cors (1.0.2)
    rack-test (0.6.3)
      rack (>= 1.0)
    rails (5.0.7)
      actioncable (= 5.0.7)
      actionmailer (= 5.0.7)
      actionpack (= 5.0.7)
      actionview (= 5.0.7)
      activejob (= 5.0.7)
      activemodel (= 5.0.7)
      activerecord (= 5.0.7)
      activesupport (= 5.0.7)
      bundler (>= 1.3.0)
      railties (= 5.0.7)
      sprockets-rails (>= 2.0.0)
    rails-dom-testing (2.0.3)
      activesupport (>= 4.2.0)
      nokogiri (>= 1.6)
    rails-html-sanitizer (1.0.4)
      loofah (~> 2.2, >= 2.2.2)
    rails-i18n (5.1.1)
      i18n (>= 0.7, < 2)
      railties (>= 5.0, < 6)
    railties (5.0.7)
      actionpack (= 5.0.7)
      activesupport (= 5.0.7)
      method_source
      rake (>= 0.8.7)
      thor (>= 0.18.1, < 2.0)
    rake (12.3.1)
    rb-fsevent (0.10.3)
    rb-inotify (0.9.10)
      ffi (>= 0.5.0, < 2)
    responders (2.4.0)
      actionpack (>= 4.2.0, < 5.3)
      railties (>= 4.2.0, < 5.3)
    roo (2.7.1)
      nokogiri (~> 1)
      rubyzip (~> 1.1, < 2.0.0)
    ruby_parser (3.11.0)
      sexp_processor (~> 4.9)
    rubyzip (1.2.1)
    sass (3.5.6)
      sass-listen (~> 4.0.0)
    sass-listen (4.0.0)
      rb-fsevent (~> 0.9, >= 0.9.4)
      rb-inotify (~> 0.9, >= 0.9.7)
    sass-rails (5.0.7)
      railties (>= 4.0.0, < 6)
      sass (~> 3.1)
      sprockets (>= 2.8, < 4.0)
      sprockets-rails (>= 2.0, < 4.0)
      tilt (>= 1.1, < 3)
    sexp_processor (4.11.0)
    simple_token_authentication (1.15.1)
      actionmailer (>= 3.2.6, < 6)
      actionpack (>= 3.2.6, < 6)
      devise (>= 3.2, < 6)
    sixarm_ruby_unaccent (1.2.0)
    sort_alphabetical (1.1.0)
      unicode_utils (>= 1.2.2)
    spring (2.0.2)
      activesupport (>= 4.2)
    spring-watcher-listen (2.0.1)
      listen (>= 2.7, < 4.0)
      spring (>= 1.2, < 3.0)
    sprockets (3.7.1)
      concurrent-ruby (~> 1.0)
      rack (> 1, < 3)
    sprockets-rails (3.2.1)
      actionpack (>= 4.0)
      activesupport (>= 4.0)
      sprockets (>= 3.0.0)
    telephone_number (1.3.0)
    temple (0.8.0)
    thor (0.20.0)
    thread_safe (0.3.6)
    tilt (2.0.8)
    turbolinks (5.1.1)
      turbolinks-source (~> 5.1)
    turbolinks-source (5.1.0)
    tzinfo (1.2.5)
      thread_safe (~> 0.1)
    uglifier (4.1.10)
      execjs (>= 0.3.0, < 3)
    unicode_utils (1.4.0)
    validate_url (1.0.2)
      activemodel (>= 3.0.0)
      addressable
    warden (1.2.7)
      rack (>= 1.0)
    web-console (3.6.1)
      actionview (>= 5.0)
      activemodel (>= 5.0)
      bindex (>= 0.4.0)
      railties (>= 5.0)
    websocket-driver (0.6.5)
      websocket-extensions (>= 0.1.0)
    websocket-extensions (0.1.3)

PLATFORMS
  ruby

DEPENDENCIES
  acts_as_paranoid
  bootstrap3-datetimepicker-rails (~> 4.17.43)
  bootstrap_sb_admin_base_v2
  byebug
  coffee-rails (~> 4.2)
  country_select
  devise
  devise-i18n
  execjs
  faker
  formtastic-bootstrap
  haml
  haml-rails
  has_scope
  jbuilder (~> 2.5)
  jquery-datatables-rails
  jquery-rails
  listen (~> 3.0.5)
  momentjs-rails (>= 2.9.0)
  pg (~> 0.18)
  puma (~> 3.0)
  pundit
  rack-cors
  rails (~> 5.0.0, >= 5.0.0.1)
  rails-i18n
  roo (~> 2.7.0)
  sass-rails (~> 5.0)
  simple_token_authentication (~> 1.0)
  spring
  spring-watcher-listen (~> 2.0.0)
  telephone_number
  turbolinks (~> 5)
  tzinfo-data
  uglifier (>= 1.3.0)
  validate_url
  web-console

RUBY VERSION
   ruby 2.3.1p112

BUNDLED WITH
   1.16.1
