GEM
  remote: https://rubygems.org/
  specs:
    actioncable (6.1.7.10)
      actionpack (= 6.1.7.10)
      activesupport (= 6.1.7.10)
      nio4r (~> 2.0)
      websocket-driver (>= 0.6.1)
    actionmailbox (6.1.7.10)
      actionpack (= 6.1.7.10)
      activejob (= 6.1.7.10)
      activerecord (= 6.1.7.10)
      activestorage (= 6.1.7.10)
      activesupport (= 6.1.7.10)
      mail (>= 2.7.1)
    actionmailer (6.1.7.10)
      actionpack (= 6.1.7.10)
      actionview (= 6.1.7.10)
      activejob (= 6.1.7.10)
      activesupport (= 6.1.7.10)
      mail (~> 2.5, >= 2.5.4)
      rails-dom-testing (~> 2.0)
    actionpack (6.1.7.10)
      actionview (= 6.1.7.10)
      activesupport (= 6.1.7.10)
      rack (~> 2.0, >= 2.0.9)
      rack-test (>= 0.6.3)
      rails-dom-testing (~> 2.0)
      rails-html-sanitizer (~> 1.0, >= 1.2.0)
    actiontext (6.1.7.10)
      actionpack (= 6.1.7.10)
      activerecord (= 6.1.7.10)
      activestorage (= 6.1.7.10)
      activesupport (= 6.1.7.10)
      nokogiri (>= 1.8.5)
    actionview (6.1.7.10)
      activesupport (= 6.1.7.10)
      builder (~> 3.1)
      erubi (~> 1.4)
      rails-dom-testing (~> 2.0)
      rails-html-sanitizer (~> 1.1, >= 1.2.0)
    activejob (6.1.7.10)
      activesupport (= 6.1.7.10)
      globalid (>= 0.3.6)
    activemodel (6.1.7.10)
      activesupport (= 6.1.7.10)
    activerecord (6.1.7.10)
      activemodel (= 6.1.7.10)
      activesupport (= 6.1.7.10)
    activestorage (6.1.7.10)
      actionpack (= 6.1.7.10)
      activejob (= 6.1.7.10)
      activerecord (= 6.1.7.10)
      activesupport (= 6.1.7.10)
      marcel (~> 1.0)
      mini_mime (>= 1.1.0)
    activesupport (6.1.7.10)
      concurrent-ruby (~> 1.0, >= 1.0.2)
      i18n (>= 1.6, < 2)
      minitest (>= 5.1)
      tzinfo (~> 2.0)
      zeitwerk (~> 2.3)
    acts_as_paranoid (0.10.3)
      activerecord (>= 6.1, < 8.1)
      activesupport (>= 6.1, < 8.1)
    bcrypt (3.1.20)
    bindex (0.8.1)
    bootstrap3-datetimepicker-rails (4.17.47)
      momentjs-rails (>= 2.8.1)
    bootstrap_form (2.7.0)
    bootstrap_sb_admin_base_v2 (0.3.6)
      font-awesome-rails
      jquery-rails
    builder (3.3.0)
    byebug (11.1.3)
    caxlsx (4.2.0)
      htmlentities (~> 4.3, >= 4.3.4)
      marcel (~> 1.0)
      nokogiri (~> 1.10, >= 1.10.4)
      rubyzip (>= 1.3.0, < 3)
    caxlsx_rails (0.6.4)
      actionpack (>= 3.1)
      caxlsx (>= 3.0)
    coffee-rails (4.2.2)
      coffee-script (>= 2.2.0)
      railties (>= 4.0.0)
    coffee-script (2.4.1)
      coffee-script-source
      execjs
    coffee-script-source (1.12.2)
    concurrent-ruby (1.3.4)
    countries (7.0.0)
      unaccent (~> 0.3)
    country_select (10.0.0)
      countries (> 5.0, < 8.0)
    crass (1.0.6)
    date (3.4.1)
    devise (4.9.4)
      bcrypt (~> 3.0)
      orm_adapter (~> 0.1)
      railties (>= 4.1.0)
      responders
      warden (~> 1.2.3)
    devise-i18n (1.12.1)
      devise (>= 4.9.0)
    email_address (0.2.4)
      simpleidn
    erubi (1.13.1)
    execjs (2.10.0)
    faker (3.5.1)
      i18n (>= 1.8.11, < 2)
    ffi (1.17.1-x86_64-linux-gnu)
    font-awesome-rails (4.7.0.9)
      railties (>= 3.2, < 9.0)
    globalid (1.2.1)
      activesupport (>= 6.1)
    haml (6.3.0)
      temple (>= 0.8.2)
      thor
      tilt
    haml-rails (2.1.0)
      actionpack (>= 5.1)
      activesupport (>= 5.1)
      haml (>= 4.0.6)
      railties (>= 5.1)
    has_scope (0.8.2)
      actionpack (>= 5.2)
      activesupport (>= 5.2)
    htmlentities (4.3.4)
    i18n (1.14.6)
      concurrent-ruby (~> 1.0)
    jbuilder (2.13.0)
      actionview (>= 5.0.0)
      activesupport (>= 5.0.0)
    jquery-datatables-rails (3.4.0)
      actionpack (>= 3.1)
      jquery-rails
      railties (>= 3.1)
      sass-rails
    jquery-rails (4.6.0)
      rails-dom-testing (>= 1, < 3)
      railties (>= 4.2.0)
      thor (>= 0.14, < 2.0)
    listen (3.0.8)
      rb-fsevent (~> 0.9, >= 0.9.4)
      rb-inotify (~> 0.9, >= 0.9.7)
    loofah (2.23.1)
      crass (~> 1.0.2)
      nokogiri (>= 1.12.0)
    mail (2.8.1)
      mini_mime (>= 0.1.1)
      net-imap
      net-pop
      net-smtp
    marcel (1.0.4)
    method_source (1.1.0)
    mini_mime (1.1.5)
    minitest (5.25.4)
    momentjs-rails (2.29.4.1)
      railties (>= 3.1)
    net-imap (0.5.4)
      date
      net-protocol
    net-pop (0.1.2)
      net-protocol
    net-protocol (0.2.2)
      timeout
    net-smtp (0.5.0)
      net-protocol
    nio4r (2.7.4)
    nokogiri (1.18.1-x86_64-linux-gnu)
      racc (~> 1.4)
    orm_adapter (0.5.0)
    pg (1.5.9)
    public_suffix (6.0.1)
    puma (5.6.9)
      nio4r (~> 2.0)
    pundit (2.4.0)
      activesupport (>= 3.0.0)
    racc (1.8.1)
    rack (2.2.10)
    rack-cors (2.0.2)
      rack (>= 2.0.0)
    rack-test (2.2.0)
      rack (>= 1.3)
    rails (6.1.7.10)
      actioncable (= 6.1.7.10)
      actionmailbox (= 6.1.7.10)
      actionmailer (= 6.1.7.10)
      actionpack (= 6.1.7.10)
      actiontext (= 6.1.7.10)
      actionview (= 6.1.7.10)
      activejob (= 6.1.7.10)
      activemodel (= 6.1.7.10)
      activerecord (= 6.1.7.10)
      activestorage (= 6.1.7.10)
      activesupport (= 6.1.7.10)
      bundler (>= 1.15.0)
      railties (= 6.1.7.10)
      sprockets-rails (>= 2.0.0)
    rails-dom-testing (2.2.0)
      activesupport (>= 5.0.0)
      minitest
      nokogiri (>= 1.6)
    rails-html-sanitizer (1.6.2)
      loofah (~> 2.21)
      nokogiri (>= 1.15.7, != 1.16.7, != 1.16.6, != 1.16.5, != 1.16.4, != 1.16.3, != 1.16.2, != 1.16.1, != 1.16.0.rc1, != 1.16.0)
    rails-i18n (7.0.10)
      i18n (>= 0.7, < 2)
      railties (>= 6.0.0, < 8)
    railties (6.1.7.10)
      actionpack (= 6.1.7.10)
      activesupport (= 6.1.7.10)
      method_source
      rake (>= 12.2)
      thor (~> 1.0)
    rake (13.2.1)
    rb-fsevent (0.11.2)
    rb-inotify (0.11.1)
      ffi (~> 1.0)
    responders (3.1.1)
      actionpack (>= 5.2)
      railties (>= 5.2)
    roo (2.7.1)
      nokogiri (~> 1)
      rubyzip (~> 1.1, < 2.0.0)
    rubyzip (1.3.0)
    sass-rails (6.0.0)
      sassc-rails (~> 2.1, >= 2.1.1)
    sassc (2.4.0)
      ffi (~> 1.9)
    sassc-rails (2.1.2)
      railties (>= 4.0.0)
      sassc (>= 2.0)
      sprockets (> 3.0)
      sprockets-rails
      tilt
    simple_token_authentication (1.18.1)
      actionmailer (>= 3.2.6, < 8)
      actionpack (>= 3.2.6, < 8)
      devise (>= 3.2, < 6)
    simpleidn (0.2.3)
    spring (2.1.1)
    spring-watcher-listen (2.0.1)
      listen (>= 2.7, < 4.0)
      spring (>= 1.2, < 3.0)
    sprockets (4.2.1)
      concurrent-ruby (~> 1.0)
      rack (>= 2.2.4, < 4)
    sprockets-rails (3.5.2)
      actionpack (>= 6.1)
      activesupport (>= 6.1)
      sprockets (>= 3.0.0)
    telephone_number (1.4.22)
    temple (0.10.3)
    thor (1.3.2)
    tilt (2.5.0)
    timeout (0.4.3)
    turbolinks (5.2.1)
      turbolinks-source (~> 5.2)
    turbolinks-source (5.2.0)
    tzinfo (2.0.6)
      concurrent-ruby (~> 1.0)
    uglifier (4.2.1)
      execjs (>= 0.3.0, < 3)
    unaccent (0.4.0)
    validate_url (1.0.15)
      activemodel (>= 3.0.0)
      public_suffix
    warden (1.2.9)
      rack (>= 2.0.9)
    web-console (4.2.1)
      actionview (>= 6.0.0)
      activemodel (>= 6.0.0)
      bindex (>= 0.4.0)
      railties (>= 6.0.0)
    websocket-driver (0.7.6)
      websocket-extensions (>= 0.1.0)
    websocket-extensions (0.1.5)
    zeitwerk (2.6.18)

PLATFORMS
  ruby

DEPENDENCIES
  acts_as_paranoid
  bootstrap3-datetimepicker-rails (~> 4.17.43)
  bootstrap_form (~> 2.7)
  bootstrap_sb_admin_base_v2
  byebug
  caxlsx
  caxlsx_rails
  coffee-rails (~> 4.2)
  country_select
  devise
  devise-i18n
  email_address
  execjs
  faker
  haml
  haml-rails
  has_scope
  jbuilder (~> 2.7)
  jquery-datatables-rails
  jquery-rails
  listen (~> 3.0.5, < 3.2)
  momentjs-rails (>= 2.9.0)
  pg (~> 1.1)
  puma (~> 5.0)
  pundit
  rack-cors
  rails (~> 6.1.7, >= 6.1.7.10)
  rails-i18n
  roo (~> 2.7.0)
  rubyzip (>= 1.2.1)
  sass-rails
  simple_token_authentication (~> 1.0)
  spring
  spring-watcher-listen (~> 2.0.0)
  telephone_number
  turbolinks (~> 5)
  tzinfo
  tzinfo-data
  uglifier (>= 1.3.0)
  validate_url
  web-console

RUBY VERSION
   ruby 3.2.6

BUNDLED WITH
   2.4.10
